PATH
  remote: .
  specs:
    shoutcast_api (0.1.6)
      httparty (~> 0.8.3)
      roxml (~> 3.3.1)

GEM
  remote: http://rubygems.org/
  specs:
    activesupport (3.2.3)
      i18n (~> 0.6)
      multi_json (~> 1.0)
    httparty (0.8.3)
      multi_json (~> 1.0)
      multi_xml
    i18n (0.6.0)
    mini_portile2 (2.5.1)
    mocha (0.9.12)
    multi_json (1.3.5)
    multi_xml (0.5.1)
    nokogiri (1.11.4)
      mini_portile2 (~> 2.5.0)
      racc (~> 1.4)
    racc (1.5.2)
    riot (0.12.2)
      rr
    roxml (3.3.1)
      activesupport (>= 2.3.0)
      nokogiri (>= 1.3.3)
    rr (1.0.2)

PLATFORMS
  ruby

DEPENDENCIES
  mocha
  riot (~> 0.12.2)
  shoutcast_api!
