PATH
  remote: .
  specs:
    shoutcast_api (0.1.6)
      httparty (~> 0.8.3)
      roxml (~> 3.3.1)

GEM
  remote: http://rubygems.org/
  specs:
    activesupport (7.0.3)
      concurrent-ruby (~> 1.0, >= 1.0.2)
      i18n (>= 1.6, < 2)
      minitest (>= 5.1)
      tzinfo (~> 2.0)
    concurrent-ruby (1.1.10)
    httparty (0.8.3)
      multi_json (~> 1.0)
      multi_xml
    i18n (1.10.0)
      concurrent-ruby (~> 1.0)
    mini_portile2 (2.8.0)
    minitest (5.16.0)
    mocha (0.9.12)
    multi_json (1.15.0)
    multi_xml (0.5.1)
    nokogiri (1.13.6)
      mini_portile2 (~> 2.8.0)
      racc (~> 1.4)
    racc (1.6.0)
    riot (0.12.2)
      rr
    roxml (3.3.1)
      activesupport (>= 2.3.0)
      nokogiri (>= 1.3.3)
    rr (1.0.2)
    tzinfo (2.0.4)
      concurrent-ruby (~> 1.0)

PLATFORMS
  ruby

DEPENDENCIES
  mocha
  riot (~> 0.12.2)
  shoutcast_api!
